PATH
  remote: .
  specs:
    wigle_api (1.1.0)
      deepstruct
      json
      nokogiri

GEM
  remote: http://rubygems.org/
  specs:
    deepstruct (0.0.7)
    diff-lcs (1.2.5)
    json (1.8.3)
    mini_portile2 (2.0.0)
    nokogiri (1.6.7)
      mini_portile2 (~> 2.0.0.rc2)
    rspec (3.3.0)
      rspec-core (~> 3.3.0)
      rspec-expectations (~> 3.3.0)
      rspec-mocks (~> 3.3.0)
    rspec-core (3.3.2)
      rspec-support (~> 3.3.0)
    rspec-expectations (3.3.1)
      diff-lcs (>= 1.2.0, < 2.0)
      rspec-support (~> 3.3.0)
    rspec-mocks (3.3.2)
      diff-lcs (>= 1.2.0, < 2.0)
      rspec-support (~> 3.3.0)
    rspec-support (3.3.0)

PLATFORMS
  ruby

DEPENDENCIES
  rspec
  wigle_api!

BUNDLED WITH
   1.10.6
